GEM
  remote: https://rubygems.org/
  specs:
    ffi (1.15.5)
    haml (5.2.2)
      temple (>= 0.8.0)
      tilt
    haml-contrib (1.0.0.1)
      haml (>= 3.2.0.alpha.13)
    maruku (0.7.3)
    sassc (2.4.0)
      ffi (~> 1.9)
    temple (0.8.2)
    tilt (2.0.10)

PLATFORMS
  x86_64-darwin-20

DEPENDENCIES
  haml (~> 5.2)
  haml-contrib (~> 1.0)
  maruku (~> 0.7.3)
  sassc (~> 2.4)

BUNDLED WITH
   2.2.32
